GEM
  remote: https://rubygems.org/
  specs:
    mini_portile (0.6.2)
    nokogiri (1.6.6.2)
      mini_portile (~> 0.6.0)
    pandoc-ruby (2.0.1)

PLATFORMS
  ruby

DEPENDENCIES
  nokogiri
  pandoc-ruby

BUNDLED WITH
   1.13.6
